PATH
  remote: .
  specs:
    packwerk (1.2.0)
      activesupport (>= 5.0)
      ast
      better_html
      constant_resolver
      parallel
      parser
      sorbet-runtime

GEM
  remote: https://rubygems.org/
  specs:
    actioncable (5.0.7.2)
      actionpack (= 5.0.7.2)
      nio4r (>= 1.2, < 3.0)
      websocket-driver (~> 0.6.1)
    actionmailer (5.0.7.2)
      actionpack (= 5.0.7.2)
      actionview (= 5.0.7.2)
      activejob (= 5.0.7.2)
      mail (~> 2.5, >= 2.5.4)
      rails-dom-testing (~> 2.0)
    actionpack (5.0.7.2)
      actionview (= 5.0.7.2)
      activesupport (= 5.0.7.2)
      rack (~> 2.0)
      rack-test (~> 0.6.3)
      rails-dom-testing (~> 2.0)
      rails-html-sanitizer (~> 1.0, >= 1.0.2)
    actionview (5.0.7.2)
      activesupport (= 5.0.7.2)
      builder (~> 3.1)
      erubis (~> 2.7.0)
      rails-dom-testing (~> 2.0)
      rails-html-sanitizer (~> 1.0, >= 1.0.3)
    activejob (5.0.7.2)
      activesupport (= 5.0.7.2)
      globalid (>= 0.3.6)
    activemodel (5.0.7.2)
      activesupport (= 5.0.7.2)
    activerecord (5.0.7.2)
      activemodel (= 5.0.7.2)
      activesupport (= 5.0.7.2)
      arel (~> 7.0)
    activesupport (5.0.7.2)
      concurrent-ruby (~> 1.0, >= 1.0.2)
      i18n (>= 0.7, < 2)
      minitest (~> 5.1)
      tzinfo (~> 1.1)
    arel (7.1.4)
    ast (2.4.2)
    better_html (1.0.16)
      actionview (>= 4.0)
      activesupport (>= 4.0)
      ast (~> 2.0)
      erubi (~> 1.4)
      html_tokenizer (~> 0.0.6)
      parser (>= 2.4)
      smart_properties
    builder (3.2.4)
    byebug (11.1.3)
    coderay (1.1.3)
    colorize (0.8.1)
    commander (4.6.0)
      highline (~> 2.0.0)
    concurrent-ruby (1.1.9)
    constant_resolver (0.1.5)
    crass (1.0.6)
    erubi (1.10.0)
    erubis (2.7.0)
    globalid (0.4.2)
      activesupport (>= 4.2.0)
    highline (2.0.3)
    html_tokenizer (0.0.7)
    i18n (1.8.10)
      concurrent-ruby (~> 1.0)
    loofah (2.10.0)
      crass (~> 1.0.2)
      nokogiri (>= 1.5.9)
    m (1.5.1)
      method_source (>= 0.6.7)
      rake (>= 0.9.2.2)
    mail (2.7.1)
      mini_mime (>= 0.1.1)
    method_source (1.0.0)
    mini_mime (1.1.0)
    mini_portile2 (2.5.3)
    minitest (5.14.4)
    minitest-focus (1.3.1)
      minitest (>= 4, < 6)
    mocha (1.12.0)
    nio4r (2.5.7)
    nokogiri (1.11.7)
      mini_portile2 (~> 2.5.0)
      racc (~> 1.4)
    nokogiri (1.11.7-x86_64-darwin)
      racc (~> 1.4)
    parallel (1.20.1)
    parlour (6.0.0)
      commander (~> 4.5)
      parser
      rainbow (~> 3.0)
      sorbet-runtime (>= 0.5)
    parser (3.0.0.0)
      ast (~> 2.4.1)
    pry (0.14.1)
      coderay (~> 1.1)
      method_source (~> 1.0)
    racc (1.5.2)
    rack (2.2.3)
    rack-test (0.6.3)
      rack (>= 1.0)
    rails (5.0.7.2)
      actioncable (= 5.0.7.2)
      actionmailer (= 5.0.7.2)
      actionpack (= 5.0.7.2)
      actionview (= 5.0.7.2)
      activejob (= 5.0.7.2)
      activemodel (= 5.0.7.2)
      activerecord (= 5.0.7.2)
      activesupport (= 5.0.7.2)
      bundler (>= 1.3.0)
      railties (= 5.0.7.2)
      sprockets-rails (>= 2.0.0)
    rails-dom-testing (2.0.3)
      activesupport (>= 4.2.0)
      nokogiri (>= 1.6)
    rails-html-sanitizer (1.3.0)
      loofah (~> 2.3)
    railties (5.0.7.2)
      actionpack (= 5.0.7.2)
      activesupport (= 5.0.7.2)
      method_source
      rake (>= 0.8.7)
      thor (>= 0.18.1, < 2.0)
    rainbow (3.0.0)
    rake (13.0.3)
    regexp_parser (2.1.1)
    rexml (3.2.5)
    rubocop (1.13.0)
      parallel (~> 1.10)
      parser (>= 3.0.0.0)
      rainbow (>= 2.2.2, < 4.0)
      regexp_parser (>= 1.8, < 3.0)
      rexml
      rubocop-ast (>= 1.2.0, < 2.0)
      ruby-progressbar (~> 1.7)
      unicode-display_width (>= 1.4.0, < 3.0)
    rubocop-ast (1.4.1)
      parser (>= 2.7.1.5)
    rubocop-performance (1.11.3)
      rubocop (>= 1.7.0, < 2.0)
      rubocop-ast (>= 0.4.0)
    rubocop-shopify (2.1.0)
      rubocop (~> 1.13)
    rubocop-sorbet (0.6.2)
      rubocop
    ruby-progressbar (1.11.0)
    smart_properties (1.15.0)
    sorbet (0.5.6360)
      sorbet-static (= 0.5.6360)
    sorbet-runtime (0.5.6360)
    sorbet-static (0.5.6360-universal-darwin-20)
    sorbet-static (0.5.6360-x86_64-linux)
    spoom (1.1.1)
      colorize
      sorbet (>= 0.5.6347)
      sorbet-runtime
      thor (>= 0.19.2)
    spring (2.1.1)
    sprockets (4.0.2)
      concurrent-ruby (~> 1.0)
      rack (> 1, < 3)
    sprockets-rails (3.2.2)
      actionpack (>= 4.0)
      activesupport (>= 4.0)
      sprockets (>= 3.0.0)
    tapioca (0.4.23)
      bundler (>= 1.17.3)
      parlour (>= 2.1.0)
      pry (>= 0.12.2)
      sorbet-runtime
      sorbet-static (>= 0.4.4471)
      spoom
      thor (>= 0.19.2)
    thor (1.1.0)
    thread_safe (0.3.6)
    tzinfo (1.2.9)
      thread_safe (~> 0.1)
    unicode-display_width (2.0.0)
    websocket-driver (0.6.5)
      websocket-extensions (>= 0.1.0)
    websocket-extensions (0.1.5)

PLATFORMS
  ruby
  x86_64-darwin-20

DEPENDENCIES
  bundler
  byebug
  constant_resolver
  m
  minitest-focus
  mocha
  packwerk!
  rails (~> 5.0.7, >= 5.0.7.2)
  rake
  rubocop-performance
  rubocop-shopify
  rubocop-sorbet
  sorbet
  sorbet-runtime
  spring
  tapioca

BUNDLED WITH
   2.2.14
